GEM
  remote: https://rubygems.org/
  specs:
    mail (2.6.3)
      mime-types (>= 1.16, < 3)
    mime-types (2.6.1)
    mini-smtp-server (0.0.2)

PLATFORMS
  ruby

DEPENDENCIES
  mail
  mini-smtp-server

BUNDLED WITH
   1.10.2
